GEM
  remote: https://rubygems.org/
  specs:
    actionmailer (3.2.13)
      actionpack (= 3.2.13)
      mail (~> 2.5.3)
    actionpack (3.2.13)
      activemodel (= 3.2.13)
      activesupport (= 3.2.13)
      builder (~> 3.0.0)
      erubis (~> 2.7.0)
      journey (~> 1.0.4)
      rack (~> 1.4.5)
      rack-cache (~> 1.2)
      rack-test (~> 0.6.1)
      sprockets (~> 2.2.1)
    activemodel (3.2.13)
      activesupport (= 3.2.13)
      builder (~> 3.0.0)
    activerecord (3.2.13)
      activemodel (= 3.2.13)
      activesupport (= 3.2.13)
      arel (~> 3.0.2)
      tzinfo (~> 0.3.29)
    activeresource (3.2.13)
      activemodel (= 3.2.13)
      activesupport (= 3.2.13)
    activesupport (3.2.13)
      i18n (= 0.6.1)
      multi_json (~> 1.0)
    addressable (2.3.8)
    angular-ui-router-rails (0.2.15)
    angularjs-rails (1.4.3)
    arel (3.0.3)
    awesome_print (1.0.2)
    binding_of_caller (0.7.2)
      debug_inspector (>= 0.0.1)
    browser (2.1.0)
    builder (3.0.4)
    capybara (2.4.4)
      mime-types (>= 1.16)
      nokogiri (>= 1.3.3)
      rack (>= 1.0.0)
      rack-test (>= 0.5.4)
      xpath (~> 2.0)
    cells (4.0.2)
      tilt (>= 1.4, < 3)
      uber (~> 0.0.9)
    chunky_png (1.3.4)
    coderay (1.1.0)
    coffee-rails (3.2.2)
      coffee-script (>= 2.2.0)
      railties (~> 3.2.0)
    coffee-script (2.2.0)
      coffee-script-source
      execjs
    coffee-script-source (1.9.1.1)
    compass (1.0.3)
      chunky_png (~> 1.2)
      compass-core (~> 1.0.2)
      compass-import-once (~> 1.0.5)
      rb-fsevent (>= 0.9.3)
      rb-inotify (>= 0.9)
      sass (>= 3.3.13, < 3.5)
    compass-core (1.0.3)
      multi_json (~> 1.0)
      sass (>= 3.3.0, < 3.5)
    compass-import-once (1.0.5)
      sass (>= 3.2, < 3.5)
    compass-rails (2.0.4)
      compass (~> 1.0.0)
      sass-rails (<= 5.0.1)
      sprockets (< 2.13)
    countries (0.8.4)
      currencies (>= 0.4.0)
    css_parser (1.2.6)
      addressable
      rdoc
    cucumber (2.0.2)
      builder (>= 2.1.2)
      cucumber-core (~> 1.2.0)
      diff-lcs (>= 1.1.3)
      gherkin (~> 2.12)
      multi_json (>= 1.7.5, < 2.0)
      multi_test (>= 0.1.2)
    cucumber-core (1.2.0)
      gherkin (~> 2.12.0)
    cucumber-rails (1.3.1)
      capybara (>= 1.1.2)
      cucumber (>= 1.2.0)
      nokogiri (>= 1.5.0)
      rails (~> 3.0)
    curb (0.8.8)
    currencies (0.4.2)
    dalli (2.6.4)
    debug_inspector (0.0.2)
    descriptive_statistics (1.1.5)
    diff-lcs (1.2.5)
    docile (1.1.5)
    domain_name (0.5.24)
      unf (>= 0.0.5, < 1.0.0)
    erubis (2.7.0)
    execjs (2.5.2)
    faraday (0.9.1)
      multipart-post (>= 1.2, < 3)
    fast_gettext (0.9.2)
    ffi (1.9.10)
    formatador (0.2.5)
    foundation-rails (5.5.2.1)
      railties (>= 3.1.0)
      sass (>= 3.3.0, < 3.5)
    gabba (1.0.1)
    geokit (1.6.7)
      multi_json (>= 1.3.2)
    gherkin (2.12.2)
      multi_json (~> 1.3)
    grackle (0.3.0)
      json
      mime-types
      oauth
    guard (2.12.8)
      formatador (>= 0.2.4)
      listen (>= 2.7, <= 4.0)
      lumberjack (~> 1.0)
      nenv (~> 0.1)
      notiffany (~> 0.0)
      pry (>= 0.9.12)
      shellany (~> 0.0)
      thor (>= 0.18.1)
    guard-bundler (2.1.0)
      bundler (~> 1.0)
      guard (~> 2.2)
      guard-compat (~> 1.1)
    guard-compat (1.2.1)
    guard-cucumber (1.6.0)
      cucumber (~> 2.0)
      guard-compat (~> 1.0)
      nenv (~> 0.1)
    guard-rspec (4.6.2)
      guard (~> 2.1)
      guard-compat (~> 1.1)
      rspec (>= 2.99.0, < 4.0)
    haml (4.0.6)
      tilt
    haml-rails (0.4)
      actionpack (>= 3.1, < 4.1)
      activesupport (>= 3.1, < 4.1)
      haml (>= 3.1, < 4.1)
      railties (>= 3.1, < 4.1)
    hamlbars (2.1.1)
      execjs (>= 1.2)
      haml
      sprockets (>= 2.0)
      tilt
    handlebars_assets (0.14.1)
      execjs (>= 1.2.9)
      sprockets (>= 2.0.3)
      tilt
    hashie (1.2.0)
    highline (1.7.2)
    hike (1.2.3)
    hipchat (1.5.1)
      httparty
      mimemagic
    http-cookie (1.0.2)
      domain_name (~> 0.5)
    http_accept_language (1.0.2)
    httparty (0.8.2)
      multi_json
      multi_xml
    i18n (0.6.1)
    jbuilder (2.0.8)
      activesupport (>= 3.0.0, < 5)
      multi_json (~> 1.2)
    journey (1.0.4)
    jquery-rails (3.1.3)
      railties (>= 3.0, < 5.0)
      thor (>= 0.14, < 2.0)
    json (1.8.3)
    jwt (1.5.1)
    koala (1.10.1)
      addressable
      faraday
      multi_json
    language_list (0.0.3)
    launchy (2.4.3)
      addressable (~> 2.3)
    listen (3.0.2)
      rb-fsevent (>= 0.9.3)
      rb-inotify (>= 0.9)
    lumberjack (1.0.9)
    mail (2.5.4)
      mime-types (~> 1.16)
      treetop (~> 1.4.8)
    memcachier (0.0.2)
    method_source (0.8.2)
    mime-types (1.25.1)
    mimemagic (0.3.0)
    mini_portile2 (2.1.0)
    minitest (5.7.0)
    multi_json (1.11.2)
    multi_test (0.1.2)
    multi_xml (0.5.5)
    multipart-post (2.0.0)
    nenv (0.2.0)
    netrc (0.10.3)
    newrelic_rpm (3.9.9.275)
    nokogiri (1.6.8)
      mini_portile2 (~> 2.1.0)
      pkg-config (~> 1.1.7)
    notiffany (0.0.6)
      nenv (~> 0.1)
      shellany (~> 0.0)
    oauth (0.4.7)
    oauth2 (1.0.0)
      faraday (>= 0.8, < 0.10)
      jwt (~> 1.0)
      multi_json (~> 1.3)
      multi_xml (~> 0.5)
      rack (~> 1.2)
    oj (2.12.10)
    omniauth (1.2.2)
      hashie (>= 1.2, < 4)
      rack (~> 1.0)
    omniauth-facebook (2.0.1)
      omniauth-oauth2 (~> 1.2)
    omniauth-google-oauth2 (0.1.19)
      omniauth (~> 1.0)
      omniauth-oauth2
    omniauth-oauth (1.1.0)
      oauth
      omniauth (~> 1.0)
    omniauth-oauth2 (1.3.1)
      oauth2 (~> 1.0)
      omniauth (~> 1.2)
    omniauth-twitter (1.0.1)
      multi_json (~> 1.3)
      omniauth-oauth (~> 1.0)
    parallel (1.6.0)
    parallel_tests (1.6.0)
      parallel
    pkg-config (1.1.7)
    polyglot (0.3.5)
    powder (0.3.0)
      thor (>= 0.11.5)
    pry (0.10.1)
      coderay (~> 1.1.0)
      method_source (~> 0.8.1)
      slop (~> 3.4)
    pry-rails (0.3.4)
      pry (>= 0.9.10)
    quiet_assets (1.1.0)
      railties (>= 3.1, < 5.0)
    rabl (0.8.6)
      activesupport (>= 2.3.14)
    rack (1.4.7)
    rack-cache (1.2)
      rack (>= 0.4)
    rack-mobile-detect (0.3.0)
      rack
    rack-rewrite (1.3.3)
    rack-ssl (1.3.4)
      rack
    rack-ssl-enforcer (0.2.8)
    rack-test (0.6.3)
      rack (>= 1.0)
    rack-timeout (0.0.4)
    rails (3.2.13)
      actionmailer (= 3.2.13)
      actionpack (= 3.2.13)
      activerecord (= 3.2.13)
      activeresource (= 3.2.13)
      activesupport (= 3.2.13)
      bundler (~> 1.0)
      railties (= 3.2.13)
    rails_12factor (0.0.3)
      rails_serve_static_assets
      rails_stdout_logging
    rails_serve_static_assets (0.0.4)
    rails_stdout_logging (0.0.3)
    railties (3.2.13)
      actionpack (= 3.2.13)
      activesupport (= 3.2.13)
      rack-ssl (~> 1.3.2)
      rake (>= 0.8.7)
      rdoc (~> 3.4)
      thor (>= 0.14.6, < 2.0)
    rake (10.4.2)
    rb-fsevent (0.9.5)
    rb-inotify (0.9.5)
      ffi (>= 0.5.0)
    rdoc (3.12.2)
      json (~> 1.4)
    rest-client (1.8.0)
      http-cookie (>= 1.0.2, < 2.0)
      mime-types (>= 1.16, < 3.0)
      netrc (~> 0.7)
    routing-filter (0.3.1)
      actionpack
    rspec (3.3.0)
      rspec-core (~> 3.3.0)
      rspec-expectations (~> 3.3.0)
      rspec-mocks (~> 3.3.0)
    rspec-cells (0.3.3)
      cells (~> 4.0.0.beta5)
      rspec-rails (~> 3.2)
    rspec-core (3.3.2)
      rspec-support (~> 3.3.0)
    rspec-expectations (3.3.1)
      diff-lcs (>= 1.2.0, < 2.0)
      rspec-support (~> 3.3.0)
    rspec-mocks (3.3.2)
      diff-lcs (>= 1.2.0, < 2.0)
      rspec-support (~> 3.3.0)
    rspec-rails (3.3.3)
      actionpack (>= 3.0, < 4.3)
      activesupport (>= 3.0, < 4.3)
      railties (>= 3.0, < 4.3)
      rspec-core (~> 3.3.0)
      rspec-expectations (~> 3.3.0)
      rspec-mocks (~> 3.3.0)
      rspec-support (~> 3.3.0)
    rspec-support (3.3.0)
    ruby-prof (0.15.8)
    sass (3.4.2)
    sass-rails (3.2.6)
      railties (~> 3.2.0)
      sass (>= 3.1.10)
      tilt (~> 1.3)
    sentry-raven (2.4.0)
      faraday (>= 0.7.6, < 1.0)
    shellany (0.0.1)
    simplecov (0.10.0)
      docile (~> 1.1.0)
      json (~> 1.8)
      simplecov-html (~> 0.10.0)
    simplecov-html (0.10.0)
    slop (3.6.0)
    smartling (1.0.1)
      multi_json (~> 1.0)
      rest-client (~> 1.6)
    sprockets (2.2.3)
      hike (~> 1.2)
      multi_json (~> 1.0)
      rack (~> 1.0)
      tilt (~> 1.1, != 1.3.0)
    sqlite3 (1.3.10)
    stringex (1.5.1)
    tddium (1.4.9)
      highline
      json
      launchy
      tddium_client (~> 0.2.0)
      thor
    tddium_client (0.2.0)
      httparty (>= 0.8.1)
      json
    terminal-notifier-guard (1.6.4)
    thor (0.19.1)
    tilt (1.4.1)
    treetop (1.4.15)
      polyglot
      polyglot (>= 0.3.1)
    tzinfo (0.3.44)
    uber (0.0.13)
    uglifier (1.3.0)
      execjs (>= 0.3.0)
      multi_json (~> 1.0, >= 1.0.2)
    unf (0.1.4)
      unf_ext
    unf_ext (0.0.7.1)
    viximo-rack-throttle (0.5.0)
      rack (>= 1.0.0)
    xpath (2.0.0)
      nokogiri (~> 1.3)
    zeus (0.15.4)
      method_source (>= 0.6.7)

PLATFORMS
  ruby

DEPENDENCIES
  angular-ui-router-rails
  angularjs-rails
  awesome_print (~> 1.0.2)
  binding_of_caller
  browser (~> 2.1.0)
  coffee-rails (~> 3.2.2)
  compass-rails
  countries (~> 0.8.2)
  css_parser (~> 1.2.6)
  cucumber-rails (~> 1.3.0)
  curb
  dalli (~> 2.6.3)
  descriptive_statistics (~> 1.1.0)
  fast_gettext
  foundation-rails (~> 5.5.2.1)
  gabba
  geokit (~> 1.6.5)
  grackle (~> 0.3.0)
  guard
  guard-bundler
  guard-cucumber
  guard-rspec
  haml-rails
  hamlbars (~> 2.1)
  handlebars_assets (~> 0.14.0)
  hashie (~> 1.2.0)
  hipchat
  http_accept_language (~> 1.0.2)
  httparty (= 0.8.2)
  jbuilder (~> 2.0.3)
  jquery-rails (~> 3.1.3)
  koala (~> 1.10.0)
  language_list (~> 0.0.3)
  memcachier
  minitest
  newrelic_rpm (~> 3.9.9.275)
  nokogiri (~> 1.6.5)
  oj
  omniauth-facebook (~> 2.0.0)
  omniauth-google-oauth2 (~> 0.1.9)
  omniauth-twitter (~> 1.0.1)
  parallel_tests
  powder
  pry
  pry-rails
  quiet_assets
  rabl (~> 0.8.6)
  rack-mobile-detect (~> 0.3.0)
  rack-rewrite (~> 1.3.3)
  rack-ssl-enforcer
  rack-timeout (~> 0.0.3)
  rails (= 3.2.13)
  rails_12factor
  routing-filter (~> 0.3.1)
  rspec
  rspec-cells
  rspec-rails
  ruby-prof
  sass (= 3.4.2)
  sass-rails
  sentry-raven (~> 2.4.0)
  simplecov
  smartling
  sqlite3
  stringex (~> 1.5.1)
  tddium (~> 1.4.6)
  terminal-notifier-guard
  uglifier (~> 1.3.0)
  viximo-rack-throttle (~> 0.5.0)
  zeus (~> 0.15)

RUBY VERSION
   ruby 2.2.5p319

BUNDLED WITH
   1.15.1
